GEM
  remote: https://rubygems.org/
  specs:
    breakpoint (2.0.7)
      compass (>= 0.12.1)
      sass (>= 3.2.0)
    chunky_png (1.3.1)
    compass (0.12.6)
      chunky_png (~> 1.2)
      fssm (>= 0.2.7)
      sass (~> 3.2.19)
    compass-normalize (1.5)
      compass (>= 0.12.0)
    fssm (0.2.10)
    sass (3.2.19)

PLATFORMS
  ruby

DEPENDENCIES
  breakpoint (~> 2.0.7)
  compass (~> 0.12.6)
  compass-normalize (~> 1.5)
  sass (~> 3.2.19)
